PATH
  remote: .
  specs:
    truong_beauty (0.1.2)

GEM
  remote: https://rubygems.org/
  specs:
    rake (13.0.6)

PLATFORMS
  x86_64-darwin-20

DEPENDENCIES
  rake (~> 13.0)
  truong_beauty!

BUNDLED WITH
   2.3.11
